GIT
  remote: git@dev.forasfeasa.ie:dri_data_models.git
  revision: 278391920aa010066dd693959b87d310e39ce35f
  specs:
    dri_data_models (0.0.1)
      hydra-head (>= 5.0.0)

GIT
  remote: git@dev.forasfeasa.ie:user_group.git
  revision: 402a3960a6316b9cc323f67db880f245373972e9
  specs:
    user_group (0.0.4)
      devise (~> 2.2.3)
      devise-guests (~> 0.3)
      devise-i18n-views
      kaminari (~> 0.14.1)
      rails

GEM
  remote: https://rubygems.org/
  specs:
    RedCloth (4.2.9)
    actionmailer (3.2.11)
      actionpack (= 3.2.11)
      mail (~> 2.4.4)
    actionpack (3.2.11)
      activemodel (= 3.2.11)
      activesupport (= 3.2.11)
      builder (~> 3.0.0)
      erubis (~> 2.7.0)
      journey (~> 1.0.4)
      rack (~> 1.4.0)
      rack-cache (~> 1.2)
      rack-test (~> 0.6.1)
      sprockets (~> 2.2.1)
    active-fedora (5.6.2)
      activeresource (>= 3.0.0)
      activesupport (>= 3.0.0)
      builder (~> 3.0.0)
      deprecation
      mediashelf-loggable
      nom-xml (>= 0.5.1)
      om (~> 1.8.0)
      rdf
      rdf-rdfxml (~> 0.3.8)
      rsolr
      rubydora (~> 1.3)
      solrizer (>= 2.1.0)
    activemodel (3.2.11)
      activesupport (= 3.2.11)
      builder (~> 3.0.0)
    activerecord (3.2.11)
      activemodel (= 3.2.11)
      activesupport (= 3.2.11)
      arel (~> 3.0.2)
      tzinfo (~> 0.3.29)
    activeresource (3.2.11)
      activemodel (= 3.2.11)
      activesupport (= 3.2.11)
    activesupport (3.2.11)
      i18n (~> 0.6)
      multi_json (~> 1.0)
    addressable (2.3.3)
    arel (3.0.2)
    backports (3.1.1)
    bcrypt-ruby (3.0.1)
    blacklight (4.0.0)
      bootstrap-sass (~> 2.1.0)
      kaminari (~> 0.13)
      marc (>= 0.4.3, < 1.1)
      nokogiri (~> 1.5)
      rails (~> 3.2)
      rsolr (~> 1.0.6)
      sass-rails
    block_helpers (0.3.3)
      activesupport (>= 2.0)
    bootstrap-sass (2.1.1.0)
    bourne (1.1.2)
      mocha (= 0.10.5)
    builder (3.0.4)
    cancan (1.6.9)
    capybara (2.0.2)
      mime-types (>= 1.16)
      nokogiri (>= 1.3.3)
      rack (>= 1.0.0)
      rack-test (>= 0.5.4)
      selenium-webdriver (~> 2.0)
      xpath (~> 1.0.0)
    childprocess (0.3.9)
      ffi (~> 1.0, >= 1.0.11)
    coderay (1.0.9)
    cucumber (1.2.3)
      builder (>= 2.1.2)
      diff-lcs (>= 1.1.3)
      gherkin (~> 2.11.6)
      multi_json (~> 1.3)
    cucumber-rails (1.3.0)
      capybara (>= 1.1.2)
      cucumber (>= 1.1.8)
      nokogiri (>= 1.5.0)
    daemons (1.1.9)
    database_cleaner (0.9.1)
    deprecation (0.0.5)
      activesupport
    devise (2.2.3)
      bcrypt-ruby (~> 3.0)
      orm_adapter (~> 0.1)
      railties (~> 3.1)
      warden (~> 1.2.1)
    devise-guests (0.3.1)
      devise
    devise-i18n-views (0.2.5)
    diff-lcs (1.2.1)
    equivalent-xml (0.3.0)
      nokogiri (>= 1.4.3)
    erubis (2.7.0)
    eventmachine (1.0.3)
    execjs (1.4.0)
      multi_json (~> 1.0)
    factory_girl (4.2.0)
      activesupport (>= 3.0.0)
    factory_girl_rails (4.2.1)
      factory_girl (~> 4.2.0)
      railties (>= 3.0.0)
    fastercsv (1.5.5)
    faye-websocket (0.4.7)
      eventmachine (>= 0.12.0)
    ffi (1.4.0)
    gherkin (2.11.6)
      json (>= 1.7.6)
    guard (1.6.2)
      listen (>= 0.6.0)
      lumberjack (>= 1.0.2)
      pry (>= 0.9.10)
      terminal-table (>= 1.4.3)
      thor (>= 0.14.6)
    guard-bundler (1.0.0)
      bundler (~> 1.0)
      guard (~> 1.1)
    guard-cucumber (1.3.2)
      cucumber (>= 1.2.0)
      guard (>= 1.1.0)
    guard-spork (1.5.0)
      childprocess (>= 0.2.3)
      guard (>= 1.1)
      spork (>= 0.8.4)
    guard-yard (2.0.1)
      guard (>= 1.1.0)
      yard (>= 0.7.0)
    hike (1.2.1)
    hooks (0.2.2)
    http_accept_language (1.0.2)
    http_parser.rb (0.5.3)
    hydra-access-controls (5.2.0)
      active-fedora
      activesupport
      blacklight
      cancan
      deprecation
    hydra-core (5.2.0)
      RedCloth (= 4.2.9)
      active-fedora (~> 5.3)
      blacklight (~> 4.0)
      block_helpers
      deprecation (>= 0.0.5)
      devise
      hydra-access-controls (= 5.2.0)
      hydra-mods (>= 0.0.6)
      jquery-rails
      rails (~> 3.2.3)
      sanitize
    hydra-head (5.2.0)
      hydra-access-controls (= 5.2.0)
      hydra-core (= 5.2.0)
      rails (>= 3.2.6)
    hydra-mods (0.0.6)
      active-fedora (> 4.1)
    i18n (0.6.4)
    i18n_sync (0.5.1)
      ya2yaml
    it (0.2.3)
      actionpack (>= 3.0.0)
    jettywrapper (1.4.0)
      activesupport (>= 3.0.0)
      childprocess
      i18n
      logger
      mediashelf-loggable
    journey (1.0.4)
    jquery-cookie-rails (1.3.1)
      jquery-rails (~> 2.0)
      railties (>= 3.2.0, < 5.0)
      thor (~> 0.14)
      version (~> 1.0)
    jquery-rails (2.2.1)
      railties (>= 3.0, < 5.0)
      thor (>= 0.14, < 2.0)
    jquery-ui-rails (4.0.1)
      jquery-rails
      railties (>= 3.1.0)
    json (1.7.7)
    kaminari (0.14.1)
      actionpack (>= 3.0.0)
      activesupport (>= 3.0.0)
    kgio (2.8.0)
    launchy (2.2.0)
      addressable (~> 2.3)
    libv8 (3.11.8.13)
    listen (0.7.3)
    logger (1.2.8)
    lumberjack (1.0.2)
    mail (2.4.4)
      i18n (>= 0.4.0)
      mime-types (~> 1.16)
      treetop (~> 1.4.8)
    marc (0.5.0)
    mediashelf-loggable (0.4.9)
    metaclass (0.0.1)
    method_source (0.8.1)
    mime-types (1.21)
    mimemagic (0.2.0)
    mocha (0.10.5)
      metaclass (~> 0.0.1)
    multi_json (1.6.1)
    noid (0.5.5)
      backports
    nokogiri (1.5.6)
    nom-xml (0.5.1)
      activesupport
      i18n
      nokogiri
    om (1.8.0)
      activemodel
      activesupport
      deprecation
      mediashelf-loggable
      nokogiri (>= 1.4.2)
    orm_adapter (0.4.0)
    poltergeist (1.1.0)
      capybara (~> 2.0, >= 2.0.1)
      faye-websocket (~> 0.4, >= 0.4.4)
      http_parser.rb (~> 0.5.3)
    polyglot (0.3.3)
    pry (0.9.12)
      coderay (~> 1.0.5)
      method_source (~> 0.8)
      slop (~> 3.4)
    rack (1.4.5)
    rack-cache (1.2)
      rack (>= 0.4)
    rack-ssl (1.3.3)
      rack
    rack-test (0.6.2)
      rack (>= 1.0)
    railroady (1.1.0)
    rails (3.2.11)
      actionmailer (= 3.2.11)
      actionpack (= 3.2.11)
      activerecord (= 3.2.11)
      activeresource (= 3.2.11)
      activesupport (= 3.2.11)
      bundler (~> 1.0)
      railties (= 3.2.11)
    rails_config (0.3.2)
      activesupport (>= 3.0)
    railties (3.2.11)
      actionpack (= 3.2.11)
      activesupport (= 3.2.11)
      rack-ssl (~> 1.3.2)
      rake (>= 0.8.7)
      rdoc (~> 3.4)
      thor (>= 0.14.6, < 2.0)
    raindrops (0.10.0)
    rake (10.0.3)
    rb-fchange (0.0.6)
      ffi
    rb-fsevent (0.9.3)
    rb-inotify (0.9.0)
      ffi (>= 0.5.0)
    rdf (1.0.3)
      addressable (>= 2.2)
    rdf-rdfxml (0.3.9)
      rdf (>= 0.3.11)
      rdf-xsd (>= 0.3.8)
    rdf-xsd (1.0.0)
      backports
      nokogiri (>= 1.5.0)
      rdf (>= 0.3.4)
    rdoc (3.12.2)
      json (~> 1.4)
    ref (1.0.2)
    rest-client (1.6.7)
      mime-types (>= 1.16)
    rsolr (1.0.8)
      builder (>= 2.1.2)
    rspec-core (2.13.1)
    rspec-expectations (2.13.0)
      diff-lcs (>= 1.1.3, < 2.0)
    rspec-mocks (2.13.0)
    rspec-rails (2.13.0)
      actionpack (>= 3.0)
      activesupport (>= 3.0)
      railties (>= 3.0)
      rspec-core (~> 2.13.0)
      rspec-expectations (~> 2.13.0)
      rspec-mocks (~> 2.13.0)
    rubydora (1.4.2)
      activemodel
      activesupport
      deprecation
      equivalent-xml
      fastercsv
      hooks
      mime-types
      nokogiri
      rest-client
    rubyzip (0.9.9)
    sanitize (2.0.3)
      nokogiri (>= 1.4.4, < 1.6)
    sass (3.2.7)
    sass-rails (3.2.6)
      railties (~> 3.2.0)
      sass (>= 3.1.10)
      tilt (~> 1.3)
    selenium-webdriver (2.31.0)
      childprocess (>= 0.2.5)
      multi_json (~> 1.0)
      rubyzip
      websocket (~> 1.0.4)
    shoulda (3.3.2)
      shoulda-context (~> 1.0.1)
      shoulda-matchers (~> 1.4.1)
    shoulda-context (1.0.2)
    shoulda-matchers (1.4.2)
      activesupport (>= 3.0.0)
      bourne (~> 1.1.2)
    show_me_the_cookies (2.0.1)
      capybara (~> 2.0)
    simplecov (0.7.1)
      multi_json (~> 1.0)
      simplecov-html (~> 0.7.1)
    simplecov-html (0.7.1)
    simplecov-rcov (0.2.3)
      simplecov (>= 0.4.1)
    slop (3.4.4)
    solrizer (2.1.0)
      activesupport
      daemons
      mediashelf-loggable (~> 0.4.7)
      nokogiri
      om (>= 1.5.0)
      stomp
      xml-simple
    spork (0.9.2)
    sprockets (2.2.2)
      hike (~> 1.2)
      multi_json (~> 1.0)
      rack (~> 1.0)
      tilt (~> 1.1, != 1.3.0)
    sqlite3 (1.3.7)
    stomp (1.2.8)
    syntax (1.0.0)
    terminal-table (1.4.5)
    therubyracer (0.11.4)
      libv8 (~> 3.11.8.12)
      ref
    thor (0.17.0)
    tilt (1.3.5)
    treetop (1.4.12)
      polyglot
      polyglot (>= 0.3.1)
    tzinfo (0.3.37)
    uglifier (1.3.0)
      execjs (>= 0.3.0)
      multi_json (~> 1.0, >= 1.0.2)
    unicode (0.4.4)
    unicorn (4.6.2)
      kgio (~> 2.6)
      rack
      raindrops (~> 0.7)
    version (1.0.0)
    warden (1.2.1)
      rack (>= 1.0)
    websocket (1.0.7)
    xml-simple (1.1.2)
    xpath (1.0.0)
      nokogiri (~> 1.3)
    ya2yaml (0.31)
    yard (0.8.5.2)

PLATFORMS
  ruby

DEPENDENCIES
  blacklight (= 4.0.0)
  bootstrap-sass
  cucumber-rails
  database_cleaner
  dri_data_models!
  factory_girl_rails
  guard
  guard-bundler
  guard-cucumber
  guard-spork
  guard-yard
  http_accept_language
  hydra-head (= 5.2.0)
  i18n_sync
  it
  jettywrapper
  jquery-cookie-rails
  jquery-rails
  jquery-ui-rails
  launchy
  mimemagic
  noid (= 0.5.5)
  poltergeist
  railroady
  rails (= 3.2.11)
  rails_config
  rb-fchange
  rb-fsevent
  rb-inotify
  rspec-rails
  sass-rails (~> 3.2.3)
  shoulda
  show_me_the_cookies
  simplecov
  simplecov-rcov
  sqlite3
  syntax
  therubyracer
  uglifier (>= 1.0.3)
  unicode
  unicorn
  user_group!
  yard
