GIT
  remote: ssh://git@tracker.dri.ie/navr/dri_data_models
  revision: 6eb3f04770deb57baa04a59fb7fa9a5734394627
  branch: hydra7
  specs:
    dri_data_models (1.0.6)
      hydra-access-controls
      hydra-collections
      hydra-head (>= 7.0)
      iso-639
      rails (>= 4.0)
      sass-rails (~> 4.0.3)
      sufia-models (= 4.0.0rc1)

GIT
  remote: ssh://git@tracker.dri.ie/navr/user_group
  revision: 06c365969deba83af976406c0b8e176e32e5a5f7
  branch: hydra7
  specs:
    user_group (1.0.5)
      devise (~> 3.1.0)
      devise-guests (~> 0.3)
      devise-i18n-views
      fastimage
      gravatar-ultimate
      kaminari
      omniauth
      omniauth-shibboleth
      rails (>= 4.0)

GEM
  remote: http://rubygems.org/
  specs:
    actionmailer (4.1.4)
      actionpack (= 4.1.4)
      actionview (= 4.1.4)
      mail (~> 2.5.4)
    actionpack (4.1.4)
      actionview (= 4.1.4)
      activesupport (= 4.1.4)
      rack (~> 1.5.2)
      rack-test (~> 0.6.2)
    actionview (4.1.4)
      activesupport (= 4.1.4)
      builder (~> 3.1)
      erubis (~> 2.7.0)
    active-fedora (7.0.4)
      activesupport (>= 3.0.0)
      deprecation
      linkeddata
      mediashelf-loggable
      nom-xml (>= 0.5.1)
      om (~> 3.0.0)
      rdf-rdfxml (~> 1.1.0)
      rsolr (~> 1.0.10.pre1)
      rubydora (~> 1.7.4)
    activemodel (4.1.4)
      activesupport (= 4.1.4)
      builder (~> 3.1)
    activerecord (4.1.4)
      activemodel (= 4.1.4)
      activesupport (= 4.1.4)
      arel (~> 5.0.0)
    activerecord-import (0.5.0)
      activerecord (>= 3.0)
    activeresource (4.0.0)
      activemodel (~> 4.0)
      activesupport (~> 4.0)
      rails-observers (~> 0.1.1)
    activesupport (4.1.4)
      i18n (~> 0.6, >= 0.6.9)
      json (~> 1.7, >= 1.7.7)
      minitest (~> 5.1)
      thread_safe (~> 0.1)
      tzinfo (~> 1.1)
    acts_as_follower (0.2.1)
    addressable (2.3.6)
    arel (5.0.1.20140414130214)
    atomic (1.1.16)
    autoparse (0.3.3)
      addressable (>= 2.3.1)
      extlib (>= 0.9.15)
      multi_json (>= 1.0.0)
    avl_tree (1.1.3)
    aws-sdk (1.46.0)
      json (~> 1.4)
      nokogiri (>= 1.4.4)
    backports (3.6.0)
    bcrypt (3.1.7)
    bcrypt-ruby (3.1.5)
      bcrypt (>= 3.1.3)
    better_errors (1.1.0)
      coderay (>= 1.0.0)
      erubis (>= 2.6.6)
    binding_of_caller (0.7.2)
      debug_inspector (>= 0.0.1)
    blacklight (5.4.0)
      bootstrap-sass (~> 3.0)
      deprecation
      kaminari (~> 0.13)
      nokogiri (~> 1.6)
      rails (>= 3.2.6, < 5)
      rsolr (~> 1.0.6)
    block_helpers (0.3.3)
      activesupport (>= 2.0)
    bootstrap-sass (3.2.0.0)
      sass (~> 3.2)
    bootstrap-switch-rails (3.0.0)
    builder (3.2.2)
    cancancan (1.8.4)
    capybara (2.4.1)
      mime-types (>= 1.16)
      nokogiri (>= 1.3.3)
      rack (>= 1.0.0)
      rack-test (>= 0.5.4)
      xpath (~> 2.0)
    carrierwave (0.9.0)
      activemodel (>= 3.2.0)
      activesupport (>= 3.2.0)
      json (>= 1.7)
    childprocess (0.5.3)
      ffi (~> 1.0, >= 1.0.11)
    ci_reporter (1.9.2)
      builder (>= 2.1.2)
    cliver (0.3.2)
    coderay (1.1.0)
    colorbox-rails (0.1.2)
      jquery-rails
      rails (>= 3.1.1)
    cucumber (1.3.15)
      builder (>= 2.1.2)
      diff-lcs (>= 1.1.3)
      gherkin (~> 2.12)
      multi_json (>= 1.7.5, < 2.0)
      multi_test (>= 0.1.1)
    cucumber-api-steps (0.13)
      cucumber (>= 1.2.1)
      jsonpath (>= 0.1.2)
      rspec (>= 2.12.0)
    cucumber-rails (1.4.1)
      capybara (>= 1.1.2, < 3)
      cucumber (>= 1.3.8, < 2)
      mime-types (~> 1.16)
      nokogiri (~> 1.5)
      rails (>= 3, < 5)
    curb (0.8.5)
    daemons (1.1.9)
    database_cleaner (1.0.1)
    debug_inspector (0.0.2)
    deprecation (0.1.0)
      activesupport
    devise (3.1.2)
      bcrypt-ruby (~> 3.0)
      orm_adapter (~> 0.1)
      railties (>= 3.2.6, < 5)
      thread_safe (~> 0.1)
      warden (~> 1.2.3)
    devise-guests (0.3.3)
      devise
    devise-i18n-views (0.2.8)
    diff-lcs (1.2.5)
    docile (1.1.5)
    ebnf (0.3.6)
      haml (~> 4.0)
      rdf (~> 1.1)
      sxp (~> 0.1, >= 0.1.3)
    equivalent-xml (0.5.1)
      nokogiri (>= 1.4.3)
    erubis (2.7.0)
    execjs (2.2.1)
    extlib (0.9.16)
    factory_girl (4.4.0)
      activesupport (>= 3.0.0)
    factory_girl_rails (4.4.1)
      factory_girl (~> 4.4.0)
      railties (>= 3.0.0)
    faker (1.4.1)
      i18n (~> 0.5)
    faraday (0.9.0)
      multipart-post (>= 1.2, < 3)
    fastercsv (1.5.5)
    fastimage (1.6.3)
      addressable (~> 2.3, >= 2.3.5)
    feedjira (1.3.0)
      curb (~> 0.8.1)
      loofah (~> 2.0.0)
      sax-machine (~> 0.2.1)
    ffi (1.9.3)
    font-awesome-rails (4.1.0.0)
      railties (>= 3.2, < 5.0)
    foreigner (1.6.1)
      activerecord (>= 3.0.0)
    gherkin (2.12.2)
      multi_json (~> 1.3)
    google-analytics-rails (0.0.6)
    google-api-client (0.7.1)
      addressable (>= 2.3.2)
      autoparse (>= 0.3.3)
      extlib (>= 0.9.15)
      faraday (>= 0.9.0)
      jwt (>= 0.1.5)
      launchy (>= 2.1.1)
      multi_json (>= 1.0.0)
      retriable (>= 1.4)
      signet (>= 0.5.0)
      uuidtools (>= 2.1.0)
    gravatar-ultimate (2.0.0)
      activesupport (>= 2.3.14)
      rack
    haml (4.0.5)
      tilt
    hashie (3.2.0)
    high_voltage (2.1.0)
    hike (1.2.3)
    hitimes (1.2.2)
    hooks (0.3.6)
      uber (~> 0.0.4)
    htmlentities (4.3.2)
    http_accept_language (2.0.1)
    hydra-access-controls (7.1.0)
      active-fedora (~> 7.0.0)
      activesupport
      blacklight (~> 5.3)
      cancancan
      deprecation
      om (~> 3.0, >= 3.0.7)
      sass-rails
    hydra-collections (2.0.3)
      blacklight
      hydra-head (~> 7.0)
    hydra-core (7.1.0)
      block_helpers
      hydra-access-controls (= 7.1.0)
      jettywrapper (>= 1.4.1)
      rails (>= 3.2.3, < 5)
    hydra-derivatives (0.1.0)
      active-fedora
      activesupport (>= 3.2.13, < 5.0)
      hydra-file_characterization
      mini_magick
    hydra-file_characterization (0.3.1)
      activesupport (>= 3.0.0)
    hydra-head (7.1.0)
      hydra-access-controls (= 7.1.0)
      hydra-core (= 7.1.0)
      rails (>= 3.2.6)
    i18n (0.6.11)
    i18n_sync (0.5.1)
      ya2yaml
    is_it_working-cbeer (1.0.16)
    iso-639 (0.2.4)
    it (0.2.5)
      actionpack (>= 3.0.0)
    jettywrapper (1.7.0)
      activesupport (>= 3.0.0)
      childprocess
      i18n
      logger
      mediashelf-loggable
    jquery-cookie-rails (1.3.1.1)
      railties (>= 3.2.0, < 5.0)
    jquery-rails (3.1.1)
      railties (>= 3.0, < 5.0)
      thor (>= 0.14, < 2.0)
    jquery-ui-rails (5.0.0)
      railties (>= 3.2.16)
    json (1.8.1)
    json-ld (1.1.5)
      rdf (~> 1.1, >= 1.1.4)
    jsonpath (0.5.6)
      multi_json
    jwt (1.0.0)
    kaminari (0.16.1)
      actionpack (>= 3.0.0)
      activesupport (>= 3.0.0)
    kgio (2.9.2)
    launchy (2.4.2)
      addressable (~> 2.3)
    legato (0.3.1)
      multi_json
    linkeddata (1.1.1)
      equivalent-xml (>= 0.4.0)
      json-ld (>= 1.1.1)
      nokogiri (>= 1.6.1)
      rdf (>= 1.1.1)
      rdf-aggregate-repo (>= 1.1.0)
      rdf-isomorphic (>= 1.1.0)
      rdf-json (>= 1.1.0)
      rdf-microdata (>= 1.1.1)
      rdf-n3 (>= 1.1.0)
      rdf-rdfa (>= 1.1.1)
      rdf-rdfxml (>= 1.1.0)
      rdf-trig (>= 1.1.2)
      rdf-trix (>= 1.1.0)
      rdf-turtle (>= 1.1.2)
      sparql (>= 1.1.2)
      sparql-client (>= 1.1.1)
    logger (1.2.8)
    logstash-event (1.2.02)
    logstash-logger (0.6.0)
      logstash-event (~> 1.2)
      stud
    loofah (2.0.0)
      nokogiri (>= 1.5.9)
    mail (2.5.4)
      mime-types (~> 1.16)
      treetop (~> 1.4.8)
    mailboxer (0.12.1)
      carrierwave (>= 0.5.8)
      foreigner (>= 0.9.1)
      rails (>= 3.2.0)
    mediashelf-loggable (0.4.10)
    method_source (0.8.2)
    metriks (0.9.9.6)
      atomic (~> 1.0)
      avl_tree (~> 1.1.2)
      hitimes (~> 1.1)
    mime-types (1.25.1)
    mimemagic (0.2.1)
    mini_magick (3.7.0)
      subexec (~> 0.2.1)
    mini_portile (0.6.0)
    minitest (5.4.0)
    mono_logger (1.1.0)
    multi_json (1.10.1)
    multi_test (0.1.1)
    multi_xml (0.5.5)
    multipart-post (2.0.0)
    mysql (2.9.1)
    mysql2 (0.3.16)
    nest (1.1.2)
      redis
    net-http-persistent (1.9)
    netrc (0.7.7)
    noid (0.6.6)
      backports
    nokogiri (1.6.2.1)
      mini_portile (= 0.6.0)
    nom-xml (0.5.1)
      activesupport
      i18n
      nokogiri
    oauth2 (0.9.4)
      faraday (>= 0.8, < 0.10)
      jwt (~> 1.0)
      multi_json (~> 1.3)
      multi_xml (~> 0.5)
      rack (~> 1.2)
    om (3.0.7)
      activemodel
      activesupport
      deprecation
      mediashelf-loggable
      nokogiri (>= 1.4.2)
      solrizer (~> 3.1.0)
    omniauth (1.2.2)
      hashie (>= 1.2, < 4)
      rack (~> 1.0)
    omniauth-shibboleth (1.1.1)
      omniauth (>= 1.0.0)
    orm_adapter (0.5.0)
    poltergeist (1.5.1)
      capybara (~> 2.1)
      cliver (~> 0.3.1)
      multi_json (~> 1.0)
      websocket-driver (>= 0.2.0)
    polyglot (0.3.5)
    rack (1.5.2)
    rack-protection (1.5.3)
      rack
    rack-test (0.6.2)
      rack (>= 1.0)
    railroady (1.1.1)
    rails (4.1.4)
      actionmailer (= 4.1.4)
      actionpack (= 4.1.4)
      actionview (= 4.1.4)
      activemodel (= 4.1.4)
      activerecord (= 4.1.4)
      activesupport (= 4.1.4)
      bundler (>= 1.3.0, < 2.0)
      railties (= 4.1.4)
      sprockets-rails (~> 2.0)
    rails-observers (0.1.2)
      activemodel (~> 4.0)
    rails_config (0.4.2)
      activesupport (>= 3.0)
    railties (4.1.4)
      actionpack (= 4.1.4)
      activesupport (= 4.1.4)
      rake (>= 0.8.7)
      thor (>= 0.18.1, < 2.0)
    raindrops (0.13.0)
    rake (10.3.2)
    rdf (1.1.4.2)
    rdf-aggregate-repo (1.1.0)
      rdf (>= 1.1)
    rdf-isomorphic (1.1.0)
      rdf (>= 1.1)
    rdf-json (1.1.0)
      rdf (>= 1.1.0)
    rdf-microdata (1.1.1.3)
      htmlentities (~> 4.3)
      nokogiri (~> 1.6)
      rdf (~> 1.1)
      rdf-xsd (~> 1.1)
    rdf-n3 (1.1.1)
      rdf (~> 1.1, >= 1.1.4)
    rdf-rdfa (1.1.3.2)
      haml (~> 4.0)
      htmlentities (~> 4.3)
      rdf (~> 1.1)
      rdf-xsd (~> 1.1)
    rdf-rdfxml (1.1.0.1)
      rdf (~> 1.1)
      rdf-rdfa (~> 1.1)
      rdf-xsd (~> 1.1)
    rdf-trig (1.1.3.1)
      ebnf (~> 0.3, >= 0.3.5)
      rdf (~> 1.1, >= 1.1.2.1)
      rdf-turtle (~> 1.1, >= 1.1.3)
    rdf-trix (1.1.0)
      rdf (>= 1.1)
    rdf-turtle (1.1.4)
      ebnf (~> 0.3, >= 0.3.6)
      rdf (~> 1.1, >= 1.1.4)
    rdf-xsd (1.1.1)
      rdf (~> 1.1)
    redis (3.1.0)
    redis-namespace (1.5.0)
      redis (~> 3.0, >= 3.0.4)
    remotipart (1.2.1)
    resque (1.25.2)
      mono_logger (~> 1.0)
      multi_json (~> 1.0)
      redis-namespace (~> 1.3)
      sinatra (>= 0.9.2)
      vegas (~> 0.1.2)
    resque-pool (0.3.0)
      rake
      resque (~> 1.20)
      trollop (~> 1.16)
    rest-client (1.7.2)
      mime-types (>= 1.16, < 3.0)
      netrc (~> 0.7)
    retriable (1.4.1)
    rsolr (1.0.10)
      builder (>= 2.1.2)
    rspec (2.99.0)
      rspec-core (~> 2.99.0)
      rspec-expectations (~> 2.99.0)
      rspec-mocks (~> 2.99.0)
    rspec-collection_matchers (1.0.0)
      rspec-expectations (>= 2.99.0.beta1)
    rspec-core (2.99.1)
    rspec-expectations (2.99.1)
      diff-lcs (>= 1.1.3, < 2.0)
    rspec-mocks (2.99.1)
    rspec-rails (2.99.0)
      actionpack (>= 3.0)
      activemodel (>= 3.0)
      activesupport (>= 3.0)
      railties (>= 3.0)
      rspec-collection_matchers
      rspec-core (~> 2.99.0)
      rspec-expectations (~> 2.99.0)
      rspec-mocks (~> 2.99.0)
    rubydora (1.7.5)
      activemodel
      activesupport
      deprecation
      equivalent-xml
      fastercsv
      hooks (~> 0.3.0)
      mime-types
      nokogiri
      rest-client
    rvm (1.11.3.9)
    sass (3.2.19)
    sass-rails (4.0.3)
      railties (>= 4.0.0, < 5.0)
      sass (~> 3.2.0)
      sprockets (~> 2.8, <= 2.11.0)
      sprockets-rails (~> 2.0)
    sax-machine (0.2.1)
      nokogiri (~> 1.6.0)
    shoulda (3.5.0)
      shoulda-context (~> 1.0, >= 1.0.1)
      shoulda-matchers (>= 1.4.1, < 3.0)
    shoulda-context (1.2.1)
    shoulda-matchers (2.6.1)
      activesupport (>= 3.0.0)
    show_me_the_cookies (2.5.0)
      capybara (~> 2.0)
    signet (0.5.1)
      addressable (>= 2.2.3)
      faraday (>= 0.9.0.rc5)
      jwt (>= 0.1.5)
      multi_json (>= 1.0.0)
    simplecov (0.8.2)
      docile (~> 1.1.0)
      multi_json
      simplecov-html (~> 0.8.0)
    simplecov-html (0.8.0)
    simplecov-rcov (0.2.3)
      simplecov (>= 0.4.1)
    sinatra (1.4.5)
      rack (~> 1.4)
      rack-protection (~> 1.4)
      tilt (~> 1.3, >= 1.3.4)
    solrizer (3.1.1)
      activesupport
      daemons
      mediashelf-loggable (~> 0.4.7)
      nokogiri
      stomp
      xml-simple
    sparql (1.1.3)
      builder (~> 3.0)
      ebnf (~> 0.3, >= 0.3.5)
      rdf (~> 1.1, >= 1.1.4)
      rdf-aggregate-repo (~> 1.1, >= 1.1.0)
      rdf-xsd (~> 1.1)
      sparql-client (~> 1.1)
      sxp (~> 0.1)
    sparql-client (1.1.2)
      net-http-persistent (~> 1.4)
      rdf (~> 1.1)
    sprockets (2.11.0)
      hike (~> 1.2)
      multi_json (~> 1.0)
      rack (~> 1.0)
      tilt (~> 1.1, != 1.3.0)
    sprockets-rails (2.1.3)
      actionpack (>= 3.0)
      activesupport (>= 3.0)
      sprockets (~> 2.8)
    sqlite3 (1.3.9)
    stomp (1.3.2)
    stud (0.0.17)
      ffi
      metriks
    subexec (0.2.3)
    sufia-models (4.0.0.rc1)
      activerecord-import
      activeresource (~> 4.0.0)
      acts_as_follower (>= 0.1.1, < 0.3)
      carrierwave (~> 0.9.0)
      google-api-client (~> 0.7.1)
      hydra-derivatives (~> 0.1)
      hydra-head (~> 7.0)
      legato (~> 0.3.0)
      mailboxer (~> 0.12.0)
      nest (~> 1.1.1)
      noid (~> 0.6.6)
      oauth2 (~> 0.9.3)
      rails (~> 4.0, < 5.0.0)
      resque (~> 1.23)
      resque-pool (~> 0.3.0)
    sxp (0.1.5)
    syntax (1.2.0)
    thor (0.19.1)
    thread_safe (0.3.4)
    tilt (1.4.1)
    treetop (1.4.15)
      polyglot
      polyglot (>= 0.3.1)
    trollop (1.16.2)
    tzinfo (1.2.1)
      thread_safe (~> 0.1)
    uber (0.0.7)
    uglifier (2.5.1)
      execjs (>= 0.3.0)
      json (>= 1.8.0)
    unicode (0.4.4.1)
    unicorn (4.8.3)
      kgio (~> 2.6)
      rack
      raindrops (~> 0.7)
    uuidtools (2.1.4)
    vegas (0.1.11)
      rack (>= 1.0.0)
    videojs_rails (4.6.1)
    warden (1.2.3)
      rack (>= 1.0)
    websocket-driver (0.3.4)
    xml-simple (1.1.4)
    xpath (2.0.0)
      nokogiri (~> 1.3)
    ya2yaml (0.31)
    yard (0.8.7.4)
    zeus (0.15.1)
      method_source (>= 0.6.7)

PLATFORMS
  ruby

DEPENDENCIES
  aws-sdk
  better_errors
  binding_of_caller
  blacklight (= 5.4.0)
  bootstrap-sass
  bootstrap-switch-rails
  ci_reporter
  colorbox-rails
  cucumber-api-steps
  cucumber-rails
  database_cleaner (= 1.0.1)
  dri_data_models!
  execjs
  factory_girl_rails
  faker
  feedjira
  font-awesome-rails
  google-analytics-rails
  high_voltage (~> 2.1.0)
  http_accept_language
  hydra-head (= 7.1.0)
  i18n_sync
  is_it_working-cbeer
  it
  jettywrapper
  jquery-cookie-rails
  jquery-rails
  jquery-ui-rails
  launchy
  logstash-logger
  mimemagic
  mysql
  mysql2
  omniauth-shibboleth
  poltergeist (>= 1.4.1)
  railroady
  rails (~> 4.1.0)
  rails_config
  remotipart
  rest-client
  rspec-rails (~> 2.99)
  rvm
  sass-rails (~> 4.0.2)
  shoulda
  show_me_the_cookies
  simplecov
  simplecov-rcov
  sqlite3
  sufia-models (= 4.0.0rc1)
  syntax
  uglifier (>= 1.0.3)
  unicode
  unicorn
  user_group!
  videojs_rails
  yard
  zeus
